GEM
  remote: https://rubygems.org/
  specs:
    aws-sdk (1.9.1)
      json (~> 1.4)
      nokogiri (>= 1.4.4)
      uuidtools (~> 2.1)
    faraday (0.8.7)
      multipart-post (~> 1.1)
    json (1.8.0)
    mini_portile2 (2.5.1)
    multipart-post (1.2.0)
    newrelic_plugin (1.0.3)
      faraday (>= 0.8.1)
      json
    nokogiri (1.11.5)
      mini_portile2 (~> 2.5.0)
      racc (~> 1.4)
    racc (1.5.2)
    uuidtools (2.1.4)

PLATFORMS
  ruby

DEPENDENCIES
  aws-sdk (= 1.9.1)
  newrelic_plugin (~> 1.0.3)
